GEM
  remote: https://rubygems.org/
  specs:
    byebug (11.1.3)
    filesize (0.2.0)
    mini_portile2 (2.8.1)
    nokogiri (1.14.3)
      mini_portile2 (~> 2.8.0)
      racc (~> 1.4)
    racc (1.6.2)

PLATFORMS
  x64-mingw-ucrt
  x64-mingw32
  x86_64-linux

DEPENDENCIES
  byebug (~> 11.1)
  filesize
  nokogiri

BUNDLED WITH
   2.3.3
