GEM
  remote: https://rubygems.org/
  specs:
    filesize (0.2.0)
    nokogiri (1.12.2-x64-mingw32)
      racc (~> 1.4)
    racc (1.5.2)

PLATFORMS
  x64-mingw32
  x86_64-linux

DEPENDENCIES
  filesize
  nokogiri

BUNDLED WITH
   2.2.9
