GEM
  remote: https://rubygems.org/
  specs:
    byebug (11.1.3)
    filesize (0.2.0)
    mini_portile2 (2.8.5)
    nokogiri (1.15.6)
      mini_portile2 (~> 2.8.2)
      racc (~> 1.4)
    nokogiri (1.15.6-x64-mingw-ucrt)
      racc (~> 1.4)
    nokogiri (1.15.6-x86_64-linux)
      racc (~> 1.4)
    racc (1.7.3)

PLATFORMS
  x64-mingw-ucrt
  x64-mingw32
  x86_64-linux

DEPENDENCIES
  byebug (~> 11.1)
  filesize
  nokogiri

BUNDLED WITH
   2.3.3
